PATH
  remote: .
  specs:
    macinbox (4.1.0.pre0)

GEM
  remote: https://rubygems.org/
  specs:

PLATFORMS
  ruby

DEPENDENCIES
  macinbox!

BUNDLED WITH
   1.17.2
